GEM
  remote: https://rubygems.org/
  specs:
    rmagick (2.15.4)
    rubyzip (1.1.7)

PLATFORMS
  ruby

DEPENDENCIES
  rmagick (= 2.15.4)
  rubyzip (>= 1.0.0)

BUNDLED WITH
   1.10.6
