GEM
  remote: https://rubygems.org/
  specs:
    byebug (6.0.2)
    diff-lcs (1.2.5)
    rmagick (2.15.4)
    rspec (3.3.0)
      rspec-core (~> 3.3.0)
      rspec-expectations (~> 3.3.0)
      rspec-mocks (~> 3.3.0)
    rspec-core (3.3.2)
      rspec-support (~> 3.3.0)
    rspec-expectations (3.3.1)
      diff-lcs (>= 1.2.0, < 2.0)
      rspec-support (~> 3.3.0)
    rspec-mocks (3.3.2)
      diff-lcs (>= 1.2.0, < 2.0)
      rspec-support (~> 3.3.0)
    rspec-support (3.3.0)
    rubyzip (1.1.7)

PLATFORMS
  ruby

DEPENDENCIES
  byebug
  rmagick (= 2.15.4)
  rspec
  rubyzip (>= 1.0.0)

BUNDLED WITH
   1.10.6
